GEM
  remote: https://rubygems.org/
  specs:
    colorize (0.5.8)
    faraday (0.8.4)
      multipart-post (~> 1.1)
    json (1.7.5)
    multi_json (1.3.6)
    multipart-post (1.1.5)
    nokogiri (1.5.5)
    oauth (0.4.7)
    simple_oauth (0.1.9)
    twitter (4.1.1)
      faraday (~> 0.8)
      multi_json (~> 1.3)
      simple_oauth (~> 0.1.6)

PLATFORMS
  ruby

DEPENDENCIES
  colorize
  json
  nokogiri
  oauth
  twitter
